GEM
  remote: https://rubygems.org/
  specs:
    amq-client (0.9.2)
      amq-protocol (>= 0.9.0)
      eventmachine
    amq-protocol (0.9.0)
    amqp (0.9.4)
      amq-client (~> 0.9.2)
      amq-protocol (>= 0.9.0)
      eventmachine
    eventmachine (0.12.10)
    json (1.7.3)
    log4r (1.1.10)
    redis (3.0.1)
    uuidtools (2.1.2)

PLATFORMS
  ruby

DEPENDENCIES
  amqp
  json
  log4r
  redis
  uuidtools
