GEM
  remote: https://rubygems.org/
  specs:
    beanstalk-client (1.1.1)
    haml (3.1.6)
    json (1.7.3)
    redis (3.0.1)
    uuidtools (2.1.2)

PLATFORMS
  ruby

DEPENDENCIES
  beanstalk-client
  haml
  json
  redis
  uuidtools
